GEM
  remote: https://rubygems.org/
  specs:
    rtesseract (3.1.2)

PLATFORMS
  ruby

DEPENDENCIES
  rtesseract

BUNDLED WITH
   1.17.2
